GEM
  remote: https://rubygems.org/
  specs:
    actioncable (5.2.4.4)
      actionpack (= 5.2.4.4)
      nio4r (~> 2.0)
      websocket-driver (>= 0.6.1)
    actionmailer (5.2.4.4)
      actionpack (= 5.2.4.4)
      actionview (= 5.2.4.4)
      activejob (= 5.2.4.4)
      mail (~> 2.5, >= 2.5.4)
      rails-dom-testing (~> 2.0)
    actionpack (5.2.4.4)
      actionview (= 5.2.4.4)
      activesupport (= 5.2.4.4)
      rack (~> 2.0, >= 2.0.8)
      rack-test (>= 0.6.3)
      rails-dom-testing (~> 2.0)
      rails-html-sanitizer (~> 1.0, >= 1.0.2)
    actionview (5.2.4.4)
      activesupport (= 5.2.4.4)
      builder (~> 3.1)
      erubi (~> 1.4)
      rails-dom-testing (~> 2.0)
      rails-html-sanitizer (~> 1.0, >= 1.0.3)
    activejob (5.2.4.4)
      activesupport (= 5.2.4.4)
      globalid (>= 0.3.6)
    activemodel (5.2.4.4)
      activesupport (= 5.2.4.4)
    activerecord (5.2.4.4)
      activemodel (= 5.2.4.4)
      activesupport (= 5.2.4.4)
      arel (>= 9.0)
    activestorage (5.2.4.4)
      actionpack (= 5.2.4.4)
      activerecord (= 5.2.4.4)
      marcel (~> 0.3.1)
    activesupport (5.2.4.4)
      concurrent-ruby (~> 1.0, >= 1.0.2)
      i18n (>= 0.7, < 2)
      minitest (~> 5.1)
      tzinfo (~> 1.1)
    addressable (2.4.0)
    arel (9.0.0)
    binding_of_caller (0.8.0)
      debug_inspector (>= 0.0.1)
    builder (3.2.4)
    byebug (9.0.6)
    coderay (1.1.1)
    concurrent-ruby (1.1.7)
    crack (0.4.2)
      safe_yaml (~> 1.0.0)
    crass (1.0.6)
    debug_inspector (0.0.3)
    diff-lcs (1.4.4)
    erubi (1.9.0)
    execjs (2.7.0)
    faraday (0.12.1)
      multipart-post (>= 1.2, < 3)
    globalid (0.4.2)
      activesupport (>= 4.2.0)
    hashdiff (0.2.3)
    i18n (1.8.5)
      concurrent-ruby (~> 1.0)
    jquery-rails (4.4.0)
      rails-dom-testing (>= 1, < 3)
      railties (>= 4.2.0)
      thor (>= 0.14, < 2.0)
    jwt (1.5.6)
    libxml-ruby (3.0.0)
    loofah (2.7.0)
      crass (~> 1.0.2)
      nokogiri (>= 1.5.9)
    mail (2.7.1)
      mini_mime (>= 0.1.1)
    marcel (0.3.3)
      mimemagic (~> 0.3.2)
    method_source (0.8.2)
    mimemagic (0.3.5)
    mini_mime (1.0.2)
    mini_portile2 (2.4.0)
    minitest (5.14.2)
    multipart-post (2.0.0)
    nio4r (2.5.3)
    nokogiri (1.10.10)
      mini_portile2 (~> 2.4.0)
    pry (0.10.3)
      coderay (~> 1.1.0)
      method_source (~> 0.8.1)
      slop (~> 3.4)
    rack (2.2.3)
    rack-test (1.1.0)
      rack (>= 1.0, < 3)
    rails (5.2.4.4)
      actioncable (= 5.2.4.4)
      actionmailer (= 5.2.4.4)
      actionpack (= 5.2.4.4)
      actionview (= 5.2.4.4)
      activejob (= 5.2.4.4)
      activemodel (= 5.2.4.4)
      activerecord (= 5.2.4.4)
      activestorage (= 5.2.4.4)
      activesupport (= 5.2.4.4)
      bundler (>= 1.3.0)
      railties (= 5.2.4.4)
      sprockets-rails (>= 2.0.0)
    rails-dom-testing (2.0.3)
      activesupport (>= 4.2.0)
      nokogiri (>= 1.6)
    rails-html-sanitizer (1.3.0)
      loofah (~> 2.3)
    railties (5.2.4.4)
      actionpack (= 5.2.4.4)
      activesupport (= 5.2.4.4)
      method_source
      rake (>= 0.8.7)
      thor (>= 0.19.0, < 2.0)
    rake (13.0.1)
    rspec-core (3.9.2)
      rspec-support (~> 3.9.3)
    rspec-expectations (3.9.2)
      diff-lcs (>= 1.2.0, < 2.0)
      rspec-support (~> 3.9.0)
    rspec-mocks (3.9.1)
      diff-lcs (>= 1.2.0, < 2.0)
      rspec-support (~> 3.9.0)
    rspec-rails (4.0.1)
      actionpack (>= 4.2)
      activesupport (>= 4.2)
      railties (>= 4.2)
      rspec-core (~> 3.9)
      rspec-expectations (~> 3.9)
      rspec-mocks (~> 3.9)
      rspec-support (~> 3.9)
    rspec-support (3.9.3)
    safe_yaml (1.0.4)
    slop (3.6.0)
    sprockets (3.7.2)
      concurrent-ruby (~> 1.0)
      rack (> 1, < 3)
    sprockets-rails (3.2.1)
      actionpack (>= 4.0)
      activesupport (>= 4.0)
      sprockets (>= 3.0.0)
    sqlite3 (1.3.11)
    thor (1.0.1)
    thread_safe (0.3.6)
    turbolinks (5.2.1)
      turbolinks-source (~> 5.2)
    turbolinks-source (5.2.0)
    twilio-ruby (5.0.0)
      faraday (~> 0.9)
      jwt (~> 1.5)
      libxml-ruby (= 3.0.0)
    tzinfo (1.2.7)
      thread_safe (~> 0.1)
    uglifier (3.0.0)
      execjs (>= 0.3.0, < 3)
    vcr (3.0.0)
    web-console (2.3.0)
      activemodel (>= 4.0)
      binding_of_caller (>= 0.7.2)
      railties (>= 4.0)
      sprockets-rails (>= 2.0, < 4.0)
    webmock (1.22.3)
      addressable (>= 2.3.6)
      crack (>= 0.3.2)
      hashdiff
    websocket-driver (0.7.3)
      websocket-extensions (>= 0.1.0)
    websocket-extensions (0.1.5)

PLATFORMS
  ruby

DEPENDENCIES
  byebug
  jquery-rails (>= 4.1.1)
  pry
  rails (= 5.2.4.4)
  rspec-rails (>= 3.5.0)
  sqlite3
  turbolinks (>= 2.5.3)
  twilio-ruby (>= 5.0.0)
  uglifier (>= 1.3.0)
  vcr
  web-console (~> 2.3, >= 2.3.0)
  webmock

BUNDLED WITH
   1.17.3
